GEM
  remote: https://rubygems.org/
  specs:
    addressable (2.8.0)
      public_suffix (>= 2.0.2, < 5.0)
    backports (3.8.0)
    bson (4.2.1)
    bson_ext (1.5.1)
    coderay (1.1.1)
    faraday (1.0.1)
      multipart-post (>= 1.2, < 3)
    gon-sinatra (0.1.2)
      sinatra
    httparty (0.15.5)
      multi_xml (>= 0.5.2)
    method_source (0.8.2)
    mini_portile2 (2.1.0)
    mongo (2.4.2)
      bson (>= 4.2.1, < 5.0.0)
    multi_json (1.12.1)
    multi_xml (0.6.0)
    multipart-post (2.1.1)
    mustermann (1.0.0)
    nokogiri (1.7.2)
      mini_portile2 (~> 2.1.0)
    octokit (4.7.0)
      sawyer (~> 0.8.0, >= 0.5.3)
    pry (0.10.4)
      coderay (~> 1.1.0)
      method_source (~> 0.8.1)
      slop (~> 3.4)
    public_suffix (4.0.6)
    puma (3.9.0)
    rack (2.0.3)
    rack-protection (2.0.0)
      rack
    sawyer (0.8.2)
      addressable (>= 2.3.5)
      faraday (> 0.8, < 2.0)
    sinatra (2.0.0)
      mustermann (~> 1.0)
      rack (~> 2.0)
      rack-protection (= 2.0.0)
      tilt (~> 2.0)
    sinatra-contrib (2.0.0)
      backports (>= 2.0)
      multi_json
      mustermann (~> 1.0)
      rack-protection (= 2.0.0)
      sinatra (= 2.0.0)
      tilt (>= 1.3, < 3)
    slop (3.6.0)
    tilt (2.0.7)

PLATFORMS
  ruby

DEPENDENCIES
  bson_ext
  gon-sinatra
  httparty
  mongo
  nokogiri
  octokit
  pry
  puma
  sinatra
  sinatra-contrib

RUBY VERSION
   ruby 2.3.1p112

BUNDLED WITH
   1.14.3
